NUGET
  remote: https://www.nuget.org/api/v2
    Argu (3.1)
    FSharp.Core (4.0.0.1) - redirects: force
    FSharp.Quotations.Evaluator (1.0.7)
    FSharpx.Collections (1.15.1)
      FSharp.Core
    NuGet.CommandLine (3.4.3)
    NUnit (2.6.3)
    OpenCL.Net (2.2.9)
    YC.PrettyPrinter (0.0.5)
      FSharp.Core

GROUP Build
NUGET
  remote: https://www.nuget.org/api/v2
    FAKE (4.30.2)
    FSharp.Compiler.Service (2.0.0.6)
    FSharp.Formatting (2.14.4)
      FSharp.Compiler.Service (2.0.0.6)
      FSharpVSPowerTools.Core (>= 2.3 < 2.4)
    FSharpVSPowerTools.Core (2.3)
      FSharp.Compiler.Service (>= 2.0.0.3)
    Microsoft.Bcl (1.1.10) - framework: net10, net11, net20, net30, net35, net40, net40-full
      Microsoft.Bcl.Build (>= 1.0.14)
    Microsoft.Bcl.Build (1.0.21) - import_targets: false, framework: net10, net11, net20, net30, net35, net40, net40-full
    Microsoft.Net.Http (2.2.29) - framework: net10, net11, net20, net30, net35, net40, net40-full
      Microsoft.Bcl (>= 1.1.10)
      Microsoft.Bcl.Build (>= 1.0.14)
    Octokit (0.20)
      Microsoft.Net.Http  - framework: net10, net11, net20, net30, net35, net40, net40-full
    SourceLink.Fake (1.1)
GITHUB
  remote: fsharp/FAKE
    modules/Octokit/Octokit.fsx (f35a5d927148ca1a5fe5bc6ae2c1a37e3b2b5923)
      Octokit
GROUP Test
NUGET
  remote: https://www.nuget.org/api/v2
    NUnit (2.6.4)
    NUnit.Runners (2.6.4)
