NUGET
  remote: https://nuget.org/api/v2
  specs:
    FSharp.Charting (0.90.14)
